GEM
  remote: http://rubygems.org/
  specs:
    activesupport (3.0.3)
    bowtie (0.4.4)
      sinatra (>= 0.9.4)
    bson (1.2.4)
    bson_ext (1.2.4)
    daemons (1.1.3)
    eventmachine (0.12.10)
    i18n (0.5.0)
    jnunemaker-validatable (1.8.4)
      activesupport (>= 2.3.4)
    mongo (1.2.4)
      bson (>= 1.2.4)
    mongo_mapper (0.8.6)
      activesupport (>= 2.3.4)
      jnunemaker-validatable (~> 1.8.4)
      plucky (~> 0.3.6)
    plucky (0.3.7)
      mongo (~> 1.1)
    rack (1.3.2)
    sinatra (1.2.6)
      rack (~> 1.1)
      tilt (>= 1.2.2, < 2.0)
    thin (1.2.11)
      daemons (>= 1.0.9)
      eventmachine (>= 0.12.6)
      rack (>= 1.0.0)
    tilt (1.3.2)

PLATFORMS
  ruby

DEPENDENCIES
  bowtie
  bson_ext
  i18n
  mongo_mapper
  rack
  sinatra
  thin

METADATA
  version: 1.0.6
